GEM
  remote: https://rubygems.org/
  specs:
    diff-lcs (1.5.0)
    open4 (1.3.4)
    power_assert (2.0.3)
    rake (13.0.6)
    rspec (3.12.0)
      rspec-core (~> 3.12.0)
      rspec-expectations (~> 3.12.0)
      rspec-mocks (~> 3.12.0)
    rspec-core (3.12.2)
      rspec-support (~> 3.12.0)
    rspec-expectations (3.12.3)
      diff-lcs (>= 1.2.0, < 2.0)
      rspec-support (~> 3.12.0)
    rspec-mocks (3.12.6)
      diff-lcs (>= 1.2.0, < 2.0)
      rspec-support (~> 3.12.0)
    rspec-support (3.12.1)
    test-unit (3.6.1)
      power_assert
    unidecoder (1.1.2)

PLATFORMS
  arm64-darwin-22
  x86_64-linux

DEPENDENCIES
  open4
  rake
  rspec
  test-unit
  unidecoder

BUNDLED WITH
   2.4.10
